GEM
  remote: https://rubygems.org/
  specs:
    commander (4.5.2)
      highline (~> 2.0.0)
    highline (2.0.3)
    houston (2.4.0)
      commander (~> 4.4)
      json
    json (2.5.1)

PLATFORMS
  ruby

DEPENDENCIES
  houston

BUNDLED WITH
   2.1.4
